GEM
  specs:
    coderay (1.1.2)
    method_source (0.9.0)
    pdfkit (0.8.2)
    pry (0.11.3)
      coderay (~> 1.1.0)
      method_source (~> 0.9.0)
    wareki (0.2.2)

PLATFORMS
  ruby

DEPENDENCIES
  pdfkit (= 0.8.2)
  pry (= 0.11.3)
  wareki (= 0.2.2)

BUNDLED WITH
   1.16.2
